GIT
  remote: https://github.com/zilverline/sequent.git
  revision: 4387610ef7fc7dbaa0ffdb724d968fdb0d5e19ae
  specs:
    sequent (6.0.2)
      activemodel (>= 5.0, < 7.1)
      activerecord (>= 5.0, < 7.1)
      bcrypt (~> 3.1)
      i18n
      oj (~> 3)
      parallel (~> 1.20)
      parser (>= 2.6.5, < 3.3)
      pg (~> 1.2)
      postgresql_cursor (~> 0.6)
      thread_safe (~> 0.3.6)
      tzinfo (~> 2.0)

GEM
  remote: https://rubygems.org/
  specs:
    activemodel (7.0.8)
      activesupport (= 7.0.8)
    activerecord (7.0.8)
      activemodel (= 7.0.8)
      activesupport (= 7.0.8)
    activesupport (7.0.8)
      concurrent-ruby (~> 1.0, >= 1.0.2)
      i18n (>= 1.6, < 2)
      minitest (>= 5.1)
      tzinfo (~> 2.0)
    ast (2.4.2)
    bcrypt (3.1.19)
    concurrent-ruby (1.2.2)
    database_cleaner (2.0.1)
      database_cleaner-active_record (~> 2.0.0)
    database_cleaner-active_record (2.0.1)
      activerecord (>= 5.a)
      database_cleaner-core (~> 2.0.0)
    database_cleaner-core (2.0.1)
    diff-lcs (1.5.0)
    i18n (1.14.1)
      concurrent-ruby (~> 1.0)
    minitest (5.20.0)
    multi_json (1.15.0)
    mustermann (3.0.0)
      ruby2_keywords (~> 0.0.1)
    oj (3.16.1)
    parallel (1.23.0)
    parser (3.2.2.3)
      ast (~> 2.4.1)
      racc
    pg (1.5.4)
    postgresql_cursor (0.6.8)
      activerecord (>= 6.0)
    racc (1.7.1)
    rack (2.2.8)
    rack-protection (3.0.4)
      rack
    rake (13.0.6)
    rspec (3.11.0)
      rspec-core (~> 3.11.0)
      rspec-expectations (~> 3.11.0)
      rspec-mocks (~> 3.11.0)
    rspec-core (3.11.0)
      rspec-support (~> 3.11.0)
    rspec-expectations (3.11.1)
      diff-lcs (>= 1.2.0, < 2.0)
      rspec-support (~> 3.11.0)
    rspec-mocks (3.11.1)
      diff-lcs (>= 1.2.0, < 2.0)
      rspec-support (~> 3.11.0)
    rspec-support (3.11.1)
    ruby2_keywords (0.0.5)
    sinatra (3.0.4)
      mustermann (~> 3.0)
      rack (~> 2.2, >= 2.2.4)
      rack-protection (= 3.0.4)
      tilt (~> 2.0)
    sinatra-contrib (3.0.4)
      multi_json
      mustermann (~> 3.0)
      rack-protection (= 3.0.4)
      sinatra (= 3.0.4)
      tilt (~> 2.0)
    sinatra-flash (0.3.0)
      sinatra (>= 1.0.0)
    thread_safe (0.3.6)
    tilt (2.2.0)
    tzinfo (2.0.6)
      concurrent-ruby (~> 1.0)
    webrick (1.7.0)

PLATFORMS
  ruby

DEPENDENCIES
  activemodel
  activerecord
  database_cleaner
  rake
  rspec
  sequent!
  sinatra
  sinatra-contrib
  sinatra-flash
  webrick

RUBY VERSION
   ruby 3.2.2p53

BUNDLED WITH
   2.1.4
