GIT
  remote: https://github.com/zilverline/sequent.git
  revision: e6846d5e239cda2e4a3cc5dedcf2b53887131843
  branch: improve_test_support
  specs:
    sequent (5.0.0)
      activemodel (>= 5.0, < 7.1)
      activerecord (>= 5.0, < 7.1)
      bcrypt (~> 3.1)
      i18n
      oj (~> 3)
      parallel (~> 1.20)
      parser (>= 2.6.5, < 3.2)
      pg (~> 1.2)
      postgresql_cursor (~> 0.6)
      thread_safe (~> 0.3.6)
      tzinfo (~> 2.0)

GEM
  remote: https://rubygems.org/
  specs:
    activemodel (7.0.4)
      activesupport (= 7.0.4)
    activerecord (7.0.4)
      activemodel (= 7.0.4)
      activesupport (= 7.0.4)
    activesupport (7.0.4)
      concurrent-ruby (~> 1.0, >= 1.0.2)
      i18n (>= 1.6, < 2)
      minitest (>= 5.1)
      tzinfo (~> 2.0)
    ast (2.4.2)
    bcrypt (3.1.18)
    concurrent-ruby (1.1.10)
    database_cleaner (2.0.1)
      database_cleaner-active_record (~> 2.0.0)
    database_cleaner-active_record (2.0.1)
      activerecord (>= 5.a)
      database_cleaner-core (~> 2.0.0)
    database_cleaner-core (2.0.1)
    diff-lcs (1.5.0)
    i18n (1.12.0)
      concurrent-ruby (~> 1.0)
    minitest (5.16.3)
    multi_json (1.15.0)
    mustermann (3.0.0)
      ruby2_keywords (~> 0.0.1)
    oj (3.13.21)
    parallel (1.22.1)
    parser (3.1.2.1)
      ast (~> 2.4.1)
    pg (1.4.4)
    postgresql_cursor (0.6.4)
      activerecord (>= 3.1.0)
    rack (2.2.6.2)
    rack-protection (3.0.2)
      rack
    rake (13.0.6)
    rspec (3.11.0)
      rspec-core (~> 3.11.0)
      rspec-expectations (~> 3.11.0)
      rspec-mocks (~> 3.11.0)
    rspec-core (3.11.0)
      rspec-support (~> 3.11.0)
    rspec-expectations (3.11.1)
      diff-lcs (>= 1.2.0, < 2.0)
      rspec-support (~> 3.11.0)
    rspec-mocks (3.11.1)
      diff-lcs (>= 1.2.0, < 2.0)
      rspec-support (~> 3.11.0)
    rspec-support (3.11.1)
    ruby2_keywords (0.0.5)
    sinatra (3.0.2)
      mustermann (~> 3.0)
      rack (~> 2.2, >= 2.2.4)
      rack-protection (= 3.0.2)
      tilt (~> 2.0)
    sinatra-contrib (3.0.2)
      multi_json
      mustermann (~> 3.0)
      rack-protection (= 3.0.2)
      sinatra (= 3.0.2)
      tilt (~> 2.0)
    sinatra-flash (0.3.0)
      sinatra (>= 1.0.0)
    thread_safe (0.3.6)
    tilt (2.0.11)
    tzinfo (2.0.5)
      concurrent-ruby (~> 1.0)
    webrick (1.7.0)

PLATFORMS
  ruby

DEPENDENCIES
  activemodel
  activerecord
  database_cleaner
  rake
  rspec
  sequent!
  sinatra
  sinatra-contrib
  sinatra-flash
  webrick

RUBY VERSION
   ruby 3.1.2p20

BUNDLED WITH
   2.1.4
